GEM
  remote: http://rubygems.org/
  specs:
    addressable (2.2.4)
    bouncy-castle-java (1.5.0145.2)
    columnize (0.3.2)
    contest (0.1.2)
    data_objects (0.10.3)
      addressable (~> 2.1)
    dm-core (1.1.0)
      addressable (~> 2.2.4)
    dm-do-adapter (1.1.0)
      data_objects (~> 0.10.2)
      dm-core (~> 1.1.0)
    dm-migrations (1.1.0)
      dm-core (~> 1.1.0)
    dm-mysql-adapter (1.1.0)
      dm-do-adapter (~> 1.1.0)
      do_mysql (~> 0.10.2)
    dm-sqlite-adapter (1.1.0)
      dm-do-adapter (~> 1.1.0)
      do_sqlite3 (~> 0.10.2)
    dm-timestamps (1.1.0)
      dm-core (~> 1.1.0)
    do_jdbc (0.10.3-java)
      data_objects (= 0.10.3)
    do_mysql (0.10.3)
      data_objects (= 0.10.3)
    do_mysql (0.10.3-java)
      data_objects (= 0.10.3)
      do_jdbc (= 0.10.3)
      jdbc-mysql (>= 5.0.4)
    do_sqlite3 (0.10.3)
      data_objects (= 0.10.3)
    do_sqlite3 (0.10.3-java)
      data_objects (= 0.10.3)
      do_jdbc (= 0.10.3)
      jdbc-sqlite3 (>= 3.5.8)
    jdbc-mysql (5.1.13)
    jdbc-sqlite3 (3.6.14.2.056-java)
    jruby-openssl (0.7.3)
      bouncy-castle-java
    json_pure (1.5.1)
    linecache (0.43)
    mime-types (1.16)
    mizuno (0.4.0)
      rack (>= 1.0.0)
    rack (1.2.2)
    rack-test (0.5.7)
      rack (>= 1.0)
    rake (0.8.7)
    rest-client (1.6.1)
      mime-types (>= 1.16)
    ruby-debug (0.10.4)
      columnize (>= 0.1)
      ruby-debug-base (~> 0.10.4.0)
    ruby-debug-base (0.10.4)
      linecache (>= 0.3)
    ruby-debug-base (0.10.4-java)
    shotgun (0.9)
      rack (>= 1.0)
    sinatra (1.2.1)
      rack (~> 1.1)
      tilt (< 2.0, >= 1.2.2)
    symboltable (1.0.0)
    tilt (1.2.2)
    xmpp4r (0.5)
    xmpp4r-simple (0.8.8)
      xmpp4r (>= 0.3.2)

PLATFORMS
  java
  ruby

DEPENDENCIES
  contest (= 0.1.2)
  dm-core (= 1.1.0)
  dm-migrations (= 1.1.0)
  dm-mysql-adapter (= 1.1.0)
  dm-sqlite-adapter (= 1.1.0)
  dm-timestamps (= 1.1.0)
  jruby-openssl
  json_pure (= 1.5.1)
  mizuno
  rack-test (= 0.5.7)
  rake
  rest-client (= 1.6.1)
  ruby-debug
  shotgun (= 0.9)
  sinatra (= 1.2.1)
  symboltable (= 1.0.0)
  xmpp4r-simple (= 0.8.8)
