GEM
  remote: http://gems.rubyforge.org/
  specs:
    addressable (2.2.4)
    archive-tar-minitar (0.5.2)
    columnize (0.3.2)
    contest (0.1.2)
    data_objects (0.10.3)
      addressable (~> 2.1)
    dm-core (1.1.0)
      addressable (~> 2.2.4)
    dm-do-adapter (1.1.0)
      data_objects (~> 0.10.2)
      dm-core (~> 1.1.0)
    dm-migrations (1.1.0)
      dm-core (~> 1.1.0)
    dm-mysql-adapter (1.1.0)
      dm-do-adapter (~> 1.1.0)
      do_mysql (~> 0.10.2)
    dm-sqlite-adapter (1.1.0)
      dm-do-adapter (~> 1.1.0)
      do_sqlite3 (~> 0.10.2)
    dm-timestamps (1.1.0)
      dm-core (~> 1.1.0)
    do_mysql (0.10.3)
      data_objects (= 0.10.3)
    do_sqlite3 (0.10.3)
      data_objects (= 0.10.3)
    kgio (2.3.3)
    linecache (0.43)
    linecache19 (0.5.11)
      ruby_core_source (>= 0.1.4)
    mime-types (1.16)
    rack (1.2.2)
    rack-test (0.5.7)
      rack (>= 1.0)
    rainbows (3.2.0)
      rack (~> 1.1)
      unicorn (~> 3.5)
    ruby-debug (0.10.4)
      columnize (>= 0.1)
      ruby-debug-base (~> 0.10.4.0)
    ruby-debug-base (0.10.4)
      linecache (>= 0.3)
    ruby-debug-base19 (0.11.24)
      columnize (>= 0.3.1)
      linecache19 (>= 0.5.11)
      ruby_core_source (>= 0.1.4)
    ruby-debug19 (0.11.6)
      columnize (>= 0.3.1)
      linecache19 (>= 0.5.11)
      ruby-debug-base19 (>= 0.11.19)
    ruby_core_source (0.1.4)
      archive-tar-minitar (>= 0.5.2)
    shotgun (0.9)
      rack (>= 1.0)
    sinatra (1.2.1)
      rack (~> 1.1)
      tilt (>= 1.2.2, < 2.0)
    symboltable (1.0.0)
    tilt (1.2.2)
    typhoeus (0.2.4)
      mime-types
      mime-types
    unicorn (3.5.0)
      kgio (~> 2.3)
      rack
    xmpp4r (0.5)
    xmpp4r-simple (0.8.8)
      xmpp4r (>= 0.3.2)
    yajl-ruby (0.8.1)

PLATFORMS
  ruby

DEPENDENCIES
  contest (= 0.1.2)
  dm-core (= 1.1.0)
  dm-migrations (= 1.1.0)
  dm-mysql-adapter (= 1.1.0)
  dm-sqlite-adapter (= 1.1.0)
  dm-timestamps (= 1.1.0)
  rack-test (= 0.5.7)
  rainbows (= 3.2.0)
  ruby-debug
  ruby-debug19
  shotgun (= 0.9)
  sinatra (= 1.2.1)
  symboltable (= 1.0.0)
  typhoeus (= 0.2.4)
  xmpp4r-simple (= 0.8.8)
  yajl-ruby (= 0.8.1)
