GEM
  remote: http://rubygems.org/
  specs:
    addressable (2.2.4)
    archive-tar-minitar (0.5.2)
    columnize (0.3.2)
    contest (0.1.2)
    data_objects (0.10.3)
      addressable (~> 2.1)
    dm-core (1.1.0)
      addressable (~> 2.2.4)
    dm-do-adapter (1.1.0)
      data_objects (~> 0.10.2)
      dm-core (~> 1.1.0)
    dm-migrations (1.1.0)
      dm-core (~> 1.1.0)
    dm-mysql-adapter (1.1.0)
      dm-do-adapter (~> 1.1.0)
      do_mysql (~> 0.10.2)
    dm-sqlite-adapter (1.1.0)
      dm-do-adapter (~> 1.1.0)
      do_sqlite3 (~> 0.10.2)
    dm-timestamps (1.1.0)
      dm-core (~> 1.1.0)
    do_jdbc (0.10.3-java)
      data_objects (= 0.10.3)
    do_mysql (0.10.3)
      data_objects (= 0.10.3)
    do_mysql (0.10.3-java)
      data_objects (= 0.10.3)
      do_jdbc (= 0.10.3)
      jdbc-mysql (>= 5.0.4)
    do_sqlite3 (0.10.3)
      data_objects (= 0.10.3)
    do_sqlite3 (0.10.3-java)
      data_objects (= 0.10.3)
      do_jdbc (= 0.10.3)
      jdbc-sqlite3 (>= 3.5.8)
    jdbc-mysql (5.1.13)
    jdbc-sqlite3 (3.6.14.2.056-java)
    json_pure (1.5.1)
    linecache19 (0.5.12)
      ruby_core_source (>= 0.1.4)
    mime-types (1.16)
    rack (1.2.2)
    rack-fiber_pool (0.9.1)
    rack-test (0.5.7)
      rack (>= 1.0)
    rake (0.8.7)
    rest-client (1.6.1)
      mime-types (>= 1.16)
    ruby-debug-base19 (0.11.25)
      columnize (>= 0.3.1)
      linecache19 (>= 0.5.11)
      ruby_core_source (>= 0.1.4)
    ruby-debug19 (0.11.6)
      columnize (>= 0.3.1)
      linecache19 (>= 0.5.11)
      ruby-debug-base19 (>= 0.11.19)
    ruby_core_source (0.1.5)
      archive-tar-minitar (>= 0.5.2)
    shotgun (0.9)
      rack (>= 1.0)
    sinatra (1.2.1)
      rack (~> 1.1)
      tilt (< 2.0, >= 1.2.2)
    symboltable (1.0.0)
    tilt (1.2.2)
    xmpp4r (0.5)
    xmpp4r-simple (0.8.8)
      xmpp4r (>= 0.3.2)

PLATFORMS
  java
  ruby

DEPENDENCIES
  contest (= 0.1.2)
  dm-core (= 1.1.0)
  dm-migrations (= 1.1.0)
  dm-mysql-adapter (= 1.1.0)
  dm-sqlite-adapter (= 1.1.0)
  dm-timestamps (= 1.1.0)
  json_pure (= 1.5.1)
  rack-fiber_pool (= 0.9.1)
  rack-test (= 0.5.7)
  rake (= 0.8.7)
  rest-client (= 1.6.1)
  ruby-debug19 (= 0.11.6)
  shotgun (= 0.9)
  sinatra (= 1.2.1)
  symboltable (= 1.0.0)
  xmpp4r-simple (= 0.8.8)
