GEM
  remote: http://gems.rubyforge.org/
  specs:
    daemons (1.1.0)
    eventmachine (0.12.10)
    json (1.5.1)
    mime-types (1.16)
    rack (1.2.1)
    shotgun (0.9)
      rack (>= 1.0)
    sinatra (1.1.2)
      rack (~> 1.1)
      tilt (~> 1.2)
    thin (1.2.7)
      daemons (>= 1.0.9)
      eventmachine (>= 0.12.6)
      rack (>= 1.0.0)
    tilt (1.2.2)
    typhoeus (0.2.4)
      mime-types
      mime-types
    yajl-ruby (0.8.1)

PLATFORMS
  ruby

DEPENDENCIES
  json
  shotgun
  sinatra
  thin
  typhoeus
  yajl-ruby
