GEM
  remote: http://gems.rubyforge.org/
  specs:
    addressable (2.2.4)
    daemons (1.1.0)
    data_objects (0.10.2)
      addressable (~> 2.1)
    dm-core (1.0.2)
      addressable (~> 2.2)
      extlib (~> 0.9.15)
    dm-do-adapter (1.0.2)
      data_objects (~> 0.10.2)
      dm-core (~> 1.0.2)
    dm-migrations (1.0.2)
      dm-core (~> 1.0.2)
    dm-sqlite-adapter (1.0.2)
      dm-do-adapter (~> 1.0.2)
      do_sqlite3 (~> 0.10.2)
    dm-timestamps (1.0.2)
      dm-core (~> 1.0.2)
    do_sqlite3 (0.10.2)
      data_objects (= 0.10.2)
    eventmachine (0.12.10)
    extlib (0.9.15)
    json (1.5.1)
    mime-types (1.16)
    rack (1.2.1)
    shotgun (0.9)
      rack (>= 1.0)
    sinatra (1.1.2)
      rack (~> 1.1)
      tilt (~> 1.2)
    thin (1.2.7)
      daemons (>= 1.0.9)
      eventmachine (>= 0.12.6)
      rack (>= 1.0.0)
    tilt (1.2.2)
    typhoeus (0.2.4)
      mime-types
      mime-types
    yajl-ruby (0.8.1)

PLATFORMS
  ruby

DEPENDENCIES
  dm-core
  dm-migrations
  dm-sqlite-adapter
  dm-timestamps
  json
  shotgun
  sinatra
  thin
  typhoeus
  yajl-ruby
